PATH
  remote: .
  specs:
    ai_chatbot (0.1.0)
      open3

GEM
  remote: https://rubygems.org/
  specs:
    open3 (0.2.1)
    rake (13.2.1)

PLATFORMS
  x86_64-linux

DEPENDENCIES
  ai_chatbot!
  rake (~> 13.0)

BUNDLED WITH
   2.4.8
